GIT
  remote: git://github.com/memerelics/ec2ssh.git
  revision: 36cb0111287440f0e74358927a962992a7253e38
  branch: update_thor
  specs:
    ec2ssh (2.0.5)
      aws-sdk (~> 1.8)
      highline (~> 1.6)
      thor (~> 0.14)

GEM
  remote: https://rubygems.org/
  specs:
    aws-sdk (1.10.0)
      json (~> 1.4)
      nokogiri (>= 1.4.4)
      uuidtools (~> 2.1)
    faraday (0.8.7)
      multipart-post (~> 1.1)
    faraday_middleware (0.9.0)
      faraday (>= 0.7.4, < 0.9)
    hashie (2.0.5)
    highline (1.6.19)
    json (1.8.0)
    multipart-post (1.2.0)
    nokogiri (1.5.9)
    rake (10.0.4)
    rasana (0.0.1)
      bundler (~> 1.3)
      faraday (~> 0.8.7)
      faraday_middleware (~> 0.9.0)
      hashie
      rake
      thor (~> 0.18.1)
    thor (0.18.1)
    uuidtools (2.1.4)

PLATFORMS
  ruby

DEPENDENCIES
  ec2ssh!
  rasana
