GEM
  remote: https://rubygems.org/
  specs:
    faraday (0.8.7)
      multipart-post (~> 1.1)
    faraday_middleware (0.9.0)
      faraday (>= 0.7.4, < 0.9)
    hashie (2.0.5)
    multipart-post (1.2.0)
    rake (10.0.4)
    rasana (0.0.1)
      bundler (~> 1.3)
      faraday (~> 0.8.7)
      faraday_middleware (~> 0.9.0)
      hashie
      rake
      thor (~> 0.18.1)
    thor (0.18.1)

PLATFORMS
  ruby

DEPENDENCIES
  rasana
