GIT
  remote: https://github.com/shokai/tw.git
  revision: 266733650c41712cc67bf53eff0b8182ac387593
  specs:
    tw (0.5.2)
      args_parser (>= 0.2.0)
      json (>= 1.7.0)
      parallel (>= 0.8.2)
      rainbow (>= 1.1.4)
      twitter (>= 4.4.0)
      userstream (>= 1.2.0)

GEM
  remote: https://rubygems.org/
  specs:
    args_parser (0.2.0)
    aws-sdk (1.11.3)
      json (~> 1.4)
      nokogiri (< 1.6.0)
      uuidtools (~> 2.1)
    capistrano (2.15.4)
      highline
      net-scp (>= 1.0.0)
      net-sftp (>= 2.0.0)
      net-ssh (>= 2.0.14)
      net-ssh-gateway (>= 1.1.0)
    capistrano-ext (1.2.1)
      capistrano (>= 1.0.0)
    ec2ssh (2.0.6)
      aws-sdk (~> 1.8)
      highline (~> 1.6)
      thor (~> 0.14)
    faraday (0.8.8)
      multipart-post (~> 1.2.0)
    hashie (1.2.0)
    highline (1.6.19)
    json (1.8.0)
    multi_json (1.8.0)
    multipart-post (1.2.0)
    net-scp (1.1.1)
      net-ssh (>= 2.6.5)
    net-sftp (2.1.2)
      net-ssh (>= 2.6.5)
    net-ssh (2.6.7)
    net-ssh-gateway (1.2.0)
      net-ssh (>= 2.6.5)
    nokogiri (1.5.10)
    oauth (0.4.7)
    parallel (0.8.3)
    rainbow (1.1.4)
    simple_oauth (0.2.0)
    thor (0.18.1)
    twitter (4.8.1)
      faraday (~> 0.8, < 0.10)
      multi_json (~> 1.0)
      simple_oauth (~> 0.2)
    userstream (1.3.0)
      hashie (~> 1.2.0)
      oauth (~> 0.4.7)
      yajl-ruby (~> 1.1.0)
    uuidtools (2.1.4)
    weechat (0.0.5)
      json
    yajl-ruby (1.1.0)

PLATFORMS
  ruby

DEPENDENCIES
  capistrano
  capistrano-ext
  ec2ssh
  tw!
  weechat
