GIT
  remote: https://github.com/shokai/tw.git
  revision: 78f450cd5007a7e7582873c3c32bf88a43844527
  specs:
    tw (1.0.11)
      args_parser (>= 0.2.0)
      json (>= 1.7.0)
      launchy (>= 2.4.2)
      parallel (>= 0.9.1)
      rainbow (>= 2.0.0)
      twitter (>= 5.15.0)
      userstream (>= 1.2.0)

GEM
  remote: https://rubygems.org/
  specs:
    addressable (2.3.8)
    args_parser (0.2.0)
    aws-sdk (1.66.0)
      aws-sdk-v1 (= 1.66.0)
    aws-sdk-v1 (1.66.0)
      json (~> 1.4)
      nokogiri (>= 1.4.4)
    buftok (0.2.0)
    capistrano (3.4.0)
      i18n
      rake (>= 10.0.0)
      sshkit (~> 1.3)
    capistrano-ext (1.2.1)
      capistrano (>= 1.0.0)
    colorize (0.7.7)
    domain_name (0.5.25)
      unf (>= 0.0.5, < 1.0.0)
    ec2ssh (3.0.3)
      aws-sdk (~> 1.8)
      highline (~> 1.6)
      thor (~> 0.14)
    equalizer (0.0.10)
    faraday (0.9.2)
      multipart-post (>= 1.2, < 3)
    hashie (1.2.0)
    highline (1.7.8)
    http (0.9.8)
      addressable (~> 2.3)
      http-cookie (~> 1.0)
      http-form_data (~> 1.0.1)
      http_parser.rb (~> 0.6.0)
    http-cookie (1.0.2)
      domain_name (~> 0.5)
    http-form_data (1.0.1)
    http_parser.rb (0.6.0)
    i18n (0.7.0)
    json (1.8.3)
    launchy (2.4.3)
      addressable (~> 2.3)
    memoizable (0.4.2)
      thread_safe (~> 0.3, >= 0.3.1)
    mini_portile (0.6.2)
    multipart-post (2.0.0)
    naught (1.1.0)
    net-scp (1.2.1)
      net-ssh (>= 2.6.5)
    net-ssh (3.0.1)
    nokogiri (1.6.6.3)
      mini_portile (~> 0.6.0)
    oauth (0.4.7)
    parallel (1.6.1)
    rainbow (2.0.0)
    rake (10.4.2)
    simple_oauth (0.3.1)
    sshkit (1.7.1)
      colorize (>= 0.7.0)
      net-scp (>= 1.1.2)
      net-ssh (>= 2.8.0)
    thor (0.19.1)
    thread_safe (0.3.5)
    twitter (5.15.0)
      addressable (~> 2.3)
      buftok (~> 0.2.0)
      equalizer (= 0.0.10)
      faraday (~> 0.9.0)
      http (>= 0.4, < 0.10)
      http_parser.rb (~> 0.6.0)
      json (~> 1.8)
      memoizable (~> 0.4.0)
      naught (~> 1.0)
      simple_oauth (~> 0.3.0)
    unf (0.1.4)
      unf_ext
    unf_ext (0.0.7.1)
    userstream (1.4.0)
      hashie (~> 1.2.0)
      oauth (~> 0.4.7)
      yajl-ruby (~> 1.1.0)
    weechat (0.0.5)
      json
    yajl-ruby (1.1.0)

PLATFORMS
  ruby

DEPENDENCIES
  capistrano
  capistrano-ext
  ec2ssh
  tw!
  weechat

BUNDLED WITH
   1.10.6
